GEM
  remote: https://rubygems.org/
  specs:
    backports (3.8.0)
    httparty (0.15.5)
      multi_xml (>= 0.5.2)
    libxml-ruby (3.0.0)
    multi_json (1.12.1)
    multi_xml (0.6.0)
    mustermann (1.0.0)
    puma (3.9.1)
    rack (2.0.3)
    rack-protection (2.0.0)
      rack
    shotgun (0.9.2)
      rack (>= 1.0)
    sinatra (2.0.0)
      mustermann (~> 1.0)
      rack (~> 2.0)
      rack-protection (= 2.0.0)
      tilt (~> 2.0)
    sinatra-contrib (2.0.0)
      backports (>= 2.0)
      multi_json
      mustermann (~> 1.0)
      rack-protection (= 2.0.0)
      sinatra (= 2.0.0)
      tilt (>= 1.3, < 3)
    tilt (2.0.7)

PLATFORMS
  ruby

DEPENDENCIES
  httparty (~> 0.15.5)
  libxml-ruby (~> 3.0.0)
  puma (~> 3.9.1)
  shotgun (~> 0.9.2)
  sinatra (~> 2.0.0)
  sinatra-contrib (~> 2.0.0)

RUBY VERSION
   ruby 2.4.1p111

BUNDLED WITH
   1.15.1
